GEM
  remote: https://rubygems.org/
  specs:
    rack (2.0.5)
    rmagick (2.16.0)

PLATFORMS
  ruby

DEPENDENCIES
  rack
  rmagick

BUNDLED WITH
   1.16.1
